PATH
  remote: .
  specs:
    hobby-cors (0.1.0)
      rack (~> 2)

GEM
  remote: https://rubygems.org/
  specs:
    diff-lcs (1.4.4)
    hobby (0.2.2)
      rack (~> 2)
    rack (2.2.3)
    rack-test (1.1.0)
      rack (>= 1.0, < 3)
    rspec (3.10.0)
      rspec-core (~> 3.10.0)
      rspec-expectations (~> 3.10.0)
      rspec-mocks (~> 3.10.0)
    rspec-core (3.10.1)
      rspec-support (~> 3.10.0)
    rspec-expectations (3.10.1)
      diff-lcs (>= 1.2.0, < 2.0)
      rspec-support (~> 3.10.0)
    rspec-mocks (3.10.2)
      diff-lcs (>= 1.2.0, < 2.0)
      rspec-support (~> 3.10.0)
    rspec-support (3.10.2)

PLATFORMS
  ruby

DEPENDENCIES
  hobby
  hobby-cors!
  rack-test
  rspec

BUNDLED WITH
   2.1.4
